GEM
  remote: http://rubygems.org/
  specs:
    git (1.2.5)
    guard (1.4.0)
      listen (>= 0.4.2)
      thor (>= 0.14.6)
    jeweler (1.8.3)
      bundler (~> 1.0)
      git (>= 1.2.5)
      rake
      rdoc
    json (1.6.6)
    listen (0.5.2)
    rake (0.9.2.2)
    rdoc (3.12)
      json (~> 1.4)
    rrails (0.1.0)
    shoulda (3.0.1)
      shoulda-context (~> 1.0.0)
      shoulda-matchers (~> 1.0.0)
    shoulda-context (1.0.0)
    shoulda-matchers (1.0.0)
    thor (0.16.0)

PLATFORMS
  ruby

DEPENDENCIES
  bundler
  guard (>= 1.3.0)
  jeweler (~> 1.8.3)
  rdoc (~> 3.12)
  rrails
  shoulda
